GEM
  remote: https://rubygems.org/
  specs:
    minitest (5.25.4)
    rake (13.2.1)
    rake-compiler (1.2.9)
      rake

PLATFORMS
  arm64-darwin-24
  ruby

DEPENDENCIES
  minitest
  rake-compiler

BUNDLED WITH
   2.6.4
