GEM
  remote: https://rubygems.org/
  specs:
    hoe (3.17.2)
      rake (>= 0.8, < 13.0)
    minitest (5.11.3)
    rake (12.3.2)
    rake-compiler (1.0.7)
      rake

PLATFORMS
  ruby

DEPENDENCIES
  hoe
  minitest
  rake-compiler

BUNDLED WITH
   2.0.1
